PATH
  remote: .
  specs:
    ci-18n (0.0.0)
      ci-18n

GEM
  remote: http://rubygems.org/
  specs:
    addressable (2.2.6)
    childprocess (0.1.9)
      ffi (~> 1.0.6)
    coffee-script (2.2.0)
      coffee-script-source
      execjs
    coffee-script-source (1.1.1)
    diff-lcs (1.1.2)
    em-websocket (0.2.1)
      addressable (>= 2.1.1)
      eventmachine (>= 0.12.9)
    eventmachine (0.12.10)
    execjs (1.0.0)
      multi_json (~> 1.0)
    ffi (1.0.9)
    git (1.2.5)
    guard (0.3.4)
      thor (~> 0.14.6)
    guard-coffeescript (0.2.4)
      coffee-script (~> 2.2.0)
      guard (~> 0.3.0)
    guard-livereload (0.1.11)
      em-websocket (~> 0.2.0)
      guard (>= 0.2.2)
      json (~> 1.5.1)
    jasmine (1.0.2.1)
      json_pure (>= 1.4.3)
      rack (>= 1.1)
      rspec (>= 1.3.1)
      selenium-webdriver (>= 0.1.3)
    jeweler (1.6.2)
      bundler (~> 1.0)
      git (>= 1.2.5)
      rake
    jsmin (1.0.1)
    json (1.5.1)
    json_pure (1.5.1)
    multi_json (1.0.3)
    rack (1.3.0)
    rake (0.9.1)
    rake-minify (0.3.2)
      jsmin (~> 1.0.1)
      rake (>= 0.8.7)
      rake-minify
    rspec (2.6.0)
      rspec-core (~> 2.6.0)
      rspec-expectations (~> 2.6.0)
      rspec-mocks (~> 2.6.0)
    rspec-core (2.6.3)
    rspec-expectations (2.6.0)
      diff-lcs (~> 1.1.2)
    rspec-mocks (2.6.0)
    rubyzip (0.9.4)
    selenium-webdriver (0.2.0)
      childprocess (>= 0.1.7)
      ffi (>= 1.0.7)
      json_pure
      rubyzip
    thor (0.14.6)

PLATFORMS
  ruby

DEPENDENCIES
  bundler (~> 1.0.0)
  ci-18n!
  coffee-script (~> 2.2.0)
  guard (~> 0.3.1)
  guard-coffeescript (~> 0.2.0)
  guard-livereload (~> 0.1.9)
  jasmine (~> 1.0)
  jeweler
  rake-minify (~> 0.3)
