GIT
  remote: git://github.com/mcollina/rake-minify.git
  revision: 82451b7ce3186e5e61e4dce97cdc155f4272646c
  specs:
    rake-minify (0.2.1)
      jsmin (~> 1.0.1)
      rake-minify

GEM
  remote: http://rubygems.org/
  specs:
    addressable (2.2.5)
    childprocess (0.1.8)
      ffi (~> 1.0.6)
    coffee-script (2.2.0)
      coffee-script-source
      execjs
    coffee-script-source (1.1.0)
    diff-lcs (1.1.2)
    em-websocket (0.2.1)
      addressable (>= 2.1.1)
      eventmachine (>= 0.12.9)
    eventmachine (0.12.10)
    execjs (0.3.0)
      multi_json (~> 1.0)
    ffi (1.0.7)
      rake (>= 0.8.7)
    guard (0.3.1)
      thor (~> 0.14.6)
    guard-coffeescript (0.2.0)
      coffee-script (~> 2.2.0)
      guard (~> 0.3.0)
    guard-livereload (0.1.9)
      em-websocket (~> 0.2.0)
      guard (>= 0.2.2)
      json (~> 1.4.6)
    jasmine (1.0.2.0)
      json_pure (>= 1.4.3)
      rack (>= 1.1)
      rspec (>= 1.3.1)
      selenium-webdriver (>= 0.1.3)
    jsmin (1.0.1)
    json (1.4.6)
    json_pure (1.5.1)
    libnotify (0.3.0)
      ffi (>= 0.6.2)
    multi_json (1.0.0)
    rack (1.2.2)
    rake (0.8.7)
    rb-inotify (0.8.4)
      ffi (>= 0.5.0)
    rspec (2.5.0)
      rspec-core (~> 2.5.0)
      rspec-expectations (~> 2.5.0)
      rspec-mocks (~> 2.5.0)
    rspec-core (2.5.1)
    rspec-expectations (2.5.0)
      diff-lcs (~> 1.1.2)
    rspec-mocks (2.5.0)
    rubyzip (0.9.4)
    selenium-webdriver (0.1.4)
      childprocess (>= 0.1.7)
      ffi (>= 1.0.7)
      json_pure
      rubyzip
    thor (0.14.6)

PLATFORMS
  ruby

DEPENDENCIES
  coffee-script
  guard
  guard-coffeescript
  guard-livereload
  jasmine
  libnotify
  rake-minify!
  rb-inotify
